PATH
  remote: .
  specs:
    coin-op (0.4.3)
      bitcoin-ruby (= 0.0.6)
      hashie (~> 2.0)
      money-tree (~> 0.9)

GEM
  remote: http://rubygems.org/
  specs:
    bitcoin-ruby (0.0.6)
    coderay (1.1.0)
    diff-lcs (1.2.5)
    ffi (1.9.8)
    hashie (2.1.2)
    method_source (0.8.2)
    money-tree (0.9.0)
      ffi
    pry (0.10.1)
      coderay (~> 1.1.0)
      method_source (~> 0.8.1)
      slop (~> 3.4)
    rspec (3.2.0)
      rspec-core (~> 3.2.0)
      rspec-expectations (~> 3.2.0)
      rspec-mocks (~> 3.2.0)
    rspec-core (3.2.3)
      rspec-support (~> 3.2.0)
    rspec-expectations (3.2.1)
      diff-lcs (>= 1.2.0, < 2.0)
      rspec-support (~> 3.2.0)
    rspec-mocks (3.2.1)
      diff-lcs (>= 1.2.0, < 2.0)
      rspec-support (~> 3.2.0)
    rspec-support (3.2.2)
    sequel (4.23.0)
    slop (3.6.0)
    sqlite3 (1.3.10)

PLATFORMS
  ruby

DEPENDENCIES
  coin-op!
  pry
  rspec
  sequel (~> 4.8)
  sqlite3 (~> 1.3)
