PATH
  remote: .
  specs:
    coin-op (0.2.2)
      bitcoin-ruby (= 0.0.5)
      money-tree (~> 0.8)
      rbnacl (~> 3.1.2)

GEM
  remote: https://rubygems.org/
  specs:
    ansi (1.5.0)
    bitcoin-ruby (0.0.5)
    builder (3.2.2)
    diff-lcs (1.2.5)
    faraday (0.8.9)
      multipart-post (~> 1.2.0)
    faraday_middleware (0.9.1)
      faraday (>= 0.7.4, < 0.10)
    ffi (1.9.6)
    ghee (0.9.12)
      faraday (>= 0.8, < 0.9)
      faraday_middleware (~> 0.9)
      hashie (~> 3.3.2)
      highline (~> 1.6.15)
      multi_json (~> 1.3)
    git (1.2.9.1)
    hashie (3.3.2)
    highline (1.6.21)
    minitest (5.5.1)
    minitest-reporters (1.0.10)
      ansi
      builder
      minitest (>= 5.0)
      ruby-progressbar
    money-tree (0.8.9)
      ffi
    multi_json (1.10.1)
    multipart-post (1.2.0)
    rbnacl (3.1.2)
      ffi
    rspec (3.2.0)
      rspec-core (~> 3.2.0)
      rspec-expectations (~> 3.2.0)
      rspec-mocks (~> 3.2.0)
    rspec-core (3.2.0)
      rspec-support (~> 3.2.0)
    rspec-expectations (3.2.0)
      diff-lcs (>= 1.2.0, < 2.0)
      rspec-support (~> 3.2.0)
    rspec-mocks (3.2.0)
      diff-lcs (>= 1.2.0, < 2.0)
      rspec-support (~> 3.2.0)
    rspec-support (3.2.1)
    ruby-progressbar (1.7.1)
    sequel (4.19.0)
    sqlite3 (1.3.10)
    starter (0.1.12)
      ghee (~> 0.9.11)
      git (~> 1.2.6)
      term-ansicolor (~> 1.3.0)
    term-ansicolor (1.3.0)
      tins (~> 1.0)
    tins (1.3.4)

PLATFORMS
  ruby

DEPENDENCIES
  coin-op!
  minitest-reporters (~> 1.0)
  rspec (~> 3.2.0)
  sequel (~> 4.8)
  sqlite3 (~> 1.3)
  starter (= 0.1.12)
