GIT
  remote: https://github.com/lian/bitcoin-ruby
  revision: 69123208d45a19da446c5e0079d4fa2e225e5be6
  branch: master
  specs:
    bitcoin-ruby (0.0.6)

PATH
  remote: .
  specs:
    coin-op (0.2.4)
      hashie (~> 2.0)
      pry
      rbnacl-libsodium (~> 1.0)

GEM
  remote: https://rubygems.org/
  specs:
    ansi (1.5.0)
    builder (3.2.2)
    coderay (1.1.0)
    diff-lcs (1.2.5)
    ffi (1.9.8)
    hashie (2.1.2)
    method_source (0.8.2)
    minitest (5.6.1)
    minitest-reporters (1.0.14)
      ansi
      builder
      minitest (>= 5.0)
      ruby-progressbar
    pry (0.10.1)
      coderay (~> 1.1.0)
      method_source (~> 0.8.1)
      slop (~> 3.4)
    rbnacl (3.1.2)
      ffi
    rbnacl-libsodium (1.0.2)
      rbnacl (~> 3.0, >= 3.0.1)
    rspec (3.2.0)
      rspec-core (~> 3.2.0)
      rspec-expectations (~> 3.2.0)
      rspec-mocks (~> 3.2.0)
    rspec-core (3.2.3)
      rspec-support (~> 3.2.0)
    rspec-expectations (3.2.1)
      diff-lcs (>= 1.2.0, < 2.0)
      rspec-support (~> 3.2.0)
    rspec-mocks (3.2.1)
      diff-lcs (>= 1.2.0, < 2.0)
      rspec-support (~> 3.2.0)
    rspec-support (3.2.2)
    ruby-progressbar (1.7.5)
    sequel (4.22.0)
    slop (3.6.0)
    sqlite3 (1.3.10)

PLATFORMS
  ruby

DEPENDENCIES
  bitcoin-ruby!
  coin-op!
  minitest-reporters (~> 1.0)
  rspec
  sequel (~> 4.8)
  sqlite3 (~> 1.3)
